GEM
  remote: https://rubygems.org/
  specs:
    apipie-bindings (0.0.8)
      awesome_print
      json (>= 1.2.1)
      mime-types (~> 1.0)
      oauth
      rest-client (>= 1.6.1)
    awesome_print (1.2.0)
    foreman_api (0.1.11)
      json
      oauth
      rest-client (>= 1.6.1)
    httpi (2.1.0)
      rack
      rubyntlm (~> 0.3.2)
    json (1.8.1)
    mime-types (1.25.1)
    oauth (0.4.7)
    rack (1.5.2)
    rest-client (1.6.7)
      mime-types (>= 1.16)
    rubyntlm (0.3.4)

PLATFORMS
  ruby

DEPENDENCIES
  apipie-bindings
  foreman_api
  httpi
