GEM
  remote: https://rubygems.org/
  specs:
    apipie-bindings (0.0.8)
      awesome_print
      json (>= 1.2.1)
      mime-types (~> 1.0)
      oauth
      rest-client (>= 1.6.1)
    awesome_print (1.2.0)
    curb (0.8.5)
    ffi (1.9.3)
    gssapi (1.1.2)
      ffi (>= 1.0.1)
    httpi (2.1.0)
      rack
      rubyntlm (~> 0.3.2)
    json (1.8.1)
    mime-types (1.25.1)
    oauth (0.4.7)
    rack (1.5.2)
    rake (10.3.2)
    rake-compiler (0.9.2)
      rake
    rest-client (1.6.7)
      mime-types (>= 1.16)
    rkerberos (0.1.3)
      rake-compiler
    rubyntlm (0.3.4)

PLATFORMS
  ruby

DEPENDENCIES
  apipie-bindings
  curb
  gssapi
  httpi
  rkerberos
